NUGET
  remote: https://www.nuget.org/api/v2
  specs:
    FAKE (4.20.0)
    NuGet.CommandLine (3.3.0)
    NUnit (2.6.4)
    NUnit.Runners (2.6.4)
    ToText (1.1.7)
